GEM
  remote: http://rubygems.org/
  specs:
gem 'fakefs'  
    system_timer (1.2.4)
    abingo (1.0.3)
    factory_girl_rails (1.2.0)
    curb (0.7.15)
    xml-simple (1.0.12)
    fakefs (0.4.0)

PLATFORMS
  ruby

DEPENDENCIES
