GEM
  remote: http://rubygems.org/
  specs:
    gems-status (0.549.0)
      bundler
      git
      gmail
      json
      mercurial-ruby
      xml-simple
    git (1.2.5)
    gmail (0.4.0)
      gmail_xoauth (>= 0.3.0)
      mail (>= 2.2.1)
      mime (>= 0.1)
    gmail_xoauth (0.4.1)
      oauth (>= 0.3.6)
    i18n (0.6.4)
    json (1.7.7)
    mail (2.5.3)
      i18n (>= 0.4.0)
      mime-types (~> 1.16)
      treetop (~> 1.4.8)
    mercurial-ruby (0.7.9)
      open4 (~> 1.3.0)
    mime (0.1)
    mime-types (1.23)
    oauth (0.4.7)
    open4 (1.3.0)
    polyglot (0.3.3)
    treetop (1.4.12)
      polyglot
      polyglot (>= 0.3.1)
    xml-simple (1.1.2)

PLATFORMS
  ruby

DEPENDENCIES
  gems-status
